GEM
  remote: https://rubygems.org/
  specs:
    chunky_png (1.4.0)
    coderay (1.1.3)
    concurrent-ruby (1.2.3)
    diff-lcs (1.5.1)
    matrix (0.4.2)
    method_source (1.1.0)
    observer (0.1.2)
    opengl-bindings2 (2.0.2)
    os (1.1.4)
    pkg-config (1.5.6)
    pry (0.14.2)
      coderay (~> 1.1)
      method_source (~> 1.0)
    rmagick (6.0.1)
      observer (~> 0.1)
      pkg-config (~> 1.4)
    rspec (3.13.0)
      rspec-core (~> 3.13.0)
      rspec-expectations (~> 3.13.0)
      rspec-mocks (~> 3.13.0)
    rspec-core (3.13.0)
      rspec-support (~> 3.13.0)
    rspec-expectations (3.13.0)
      diff-lcs (>= 1.2.0, < 2.0)
      rspec-support (~> 3.13.0)
    rspec-mocks (3.13.0)
      diff-lcs (>= 1.2.0, < 2.0)
      rspec-support (~> 3.13.0)
    rspec-support (3.13.1)

PLATFORMS
  ruby
  x64-mingw-ucrt

DEPENDENCIES
  chunky_png (~> 1.4)
  concurrent-ruby
  matrix (~> 0.3)
  opengl-bindings2 (~> 2.0)
  os
  pry (~> 0.14)
  rmagick (~> 6.0, >= 6.0.1)
  rspec (~> 3.13)

BUNDLED WITH
   2.5.6
